GIT
  remote: https://github.com/bjeanes/ghost.git
  revision: 18074a589acd502ac02814014c4e0555dac210c3
  specs:
    ghost (1.0.0.pre.2)
      unindent (= 1.0)

GEM
  remote: https://rubygems.org/
  specs:
    addressable (2.3.3)
    coderay (1.0.9)
    coffee-script (2.2.0)
      coffee-script-source
      execjs
    coffee-script-source (1.6.2)
    commonjs (0.2.6)
    execjs (1.4.0)
      multi_json (~> 1.0)
    ffi (1.7.0)
    formatador (0.2.4)
    guard (1.8.0)
      formatador (>= 0.2.4)
      listen (>= 1.0.0)
      lumberjack (>= 1.0.2)
      pry (>= 0.9.10)
      thor (>= 0.14.6)
    guard-coffeescript (1.3.0)
      coffee-script (>= 2.2.0)
      guard (>= 1.1.0)
    guard-haml (0.4)
      guard (>= 1.1)
      haml (>= 3.0)
    guard-less (0.1.2)
      guard (>= 0.2.2)
      less (~> 2.1.0)
    haml (4.0.2)
      tilt
    launchy (2.2.0)
      addressable (~> 2.3)
    less (2.1.0)
      commonjs (~> 0.2.0)
      therubyracer (~> 0.10.0)
    libv8 (3.3.10.4)
    listen (1.0.2)
      rb-fsevent (>= 0.9.3)
      rb-inotify (>= 0.9)
      rb-kqueue (>= 0.2)
    lumberjack (1.0.3)
    method_source (0.8.1)
    multi_json (1.7.2)
    pry (0.9.12.1)
      coderay (~> 1.0.5)
      method_source (~> 0.8)
      slop (~> 3.4)
    rack (1.5.2)
    rake (10.0.4)
    rb-fsevent (0.9.3)
    rb-inotify (0.9.0)
      ffi (>= 0.5.0)
    rb-kqueue (0.2.0)
      ffi (>= 0.5.0)
    slop (3.4.4)
    terminal-notifier-guard (1.5.3)
    therubyracer (0.10.2)
      libv8 (~> 3.3.10)
    thor (0.18.1)
    tilt (1.3.7)
    unindent (1.0)

PLATFORMS
  ruby

DEPENDENCIES
  ghost!
  guard-coffeescript
  guard-haml
  guard-less
  launchy
  rack
  rake
  rb-fsevent
  terminal-notifier-guard
  therubyracer
